GEM
  remote: https://rubygems.org/
  remote: https://rails-assets.org/
  specs:
    bigdecimal (3.1.9-java)
    coderay (1.1.3)
    csv (3.3.2)
    ffi (1.17.1-java)
    jdbc (0.1.1-java)
    jdbc-mariadb (2.4.2)
    jdbc-mssql (12.6.4-java)
    jdbc-mysql (9.1.0.1)
    jdbc-postgresql (9.2.1000)
    jdbc-sqlite3 (3.46.1.1)
    jruby-jars (9.4.12.0)
    jruby-rack (1.2.2)
    json (2.7.6-java)
    method_source (1.1.0)
    pry (0.15.2-java)
      coderay (~> 1.1)
      method_source (~> 1.0)
      spoon (~> 0.0)
    rake (13.2.1)
    rubyzip (1.3.0)
    sequel (5.90.0)
      bigdecimal
    spoon (0.0.6)
      ffi
    warbler (2.0.5)
      jruby-jars (>= 9.0.0.0)
      jruby-rack (>= 1.1.1, < 1.3)
      rake (>= 10.1.0)
      rubyzip (~> 1.0, < 1.4)

PLATFORMS
  universal-java-20

DEPENDENCIES
  csv
  jdbc
  jdbc-mariadb
  jdbc-mssql
  jdbc-mysql
  jdbc-postgresql
  jdbc-sqlite3
  json
  pry
  sequel
  warbler

BUNDLED WITH
   2.4.22
